GEM
  remote: https://rubygems.org/
  specs:
    coderay (1.0.7)
    deckrb (0.3.1)
      coderay
      erector (>= 0.9.0.pre1)
      json
      nokogiri
      rack
      rack-codehighlighter
      redcarpet (~> 2)
      trollop
    erector (0.9.0.pre1)
      treetop (>= 1.2.3)
    foreman (0.47.0)
      thor (>= 0.13.6)
    json (1.7.3)
    nokogiri (1.5.5)
    polyglot (0.3.3)
    rack (1.4.1)
    rack-codehighlighter (0.5.0)
      nokogiri (>= 1.4.1)
      rack (>= 1.0.0)
    redcarpet (2.1.1)
    thor (0.15.4)
    treetop (1.4.10)
      polyglot
      polyglot (>= 0.3.1)
    trollop (1.16.2)

PLATFORMS
  ruby

DEPENDENCIES
  deckrb
  foreman
